GEM
  remote: https://rubygems.org/
  specs:
    openssl (3.1.0)

PLATFORMS
  x64-mingw-ucrt

DEPENDENCIES
  openssl (~> 3.1)

BUNDLED WITH
   2.4.8
